GEM
  remote: http://rubygems.org/
  specs:
    bcrypt (3.1.7)
    json (1.7.7)
    mime-types (1.23)
    newrelic_rpm (3.6.1.87)
    pg (0.15.1)
    puma (2.4.0)
      rack (>= 1.1, < 2.0)
    rack (1.5.2)
    rack-protection (1.5.0)
      rack
    rack-test (0.6.2)
      rack (>= 1.0)
    rest-client (1.6.7)
      mime-types (>= 1.16)
    sequel (4.9.0)
    sinatra (1.4.2)
      rack (~> 1.5, >= 1.5.2)
      rack-protection (~> 1.4)
      tilt (~> 1.3, >= 1.3.4)
    sqlite3 (1.3.9)
    tilt (1.4.1)

PLATFORMS
  ruby

DEPENDENCIES
  bcrypt
  json
  newrelic_rpm
  pg
  puma
  rack-test
  rest-client
  sequel
  sinatra
  sqlite3
