GEM
  remote: http://rubygems.org/
  specs:
    bcrypt (3.1.7)
    celluloid (0.15.2)
      timers (~> 1.1.0)
    connection_pool (2.0.0)
    json (1.7.7)
    mime-types (1.23)
    minitest (5.3.3)
    netrc (0.7.7)
    newrelic_rpm (3.6.1.87)
    pg (0.15.1)
    puma (2.4.0)
      rack (>= 1.1, < 2.0)
    rack (1.5.2)
    rack-protection (1.5.0)
      rack
    rack-test (0.6.2)
      rack (>= 1.0)
    rake (10.3.2)
    redis (3.0.7)
    redis-namespace (1.4.1)
      redis (~> 3.0.4)
    rest-client (1.6.7)
      mime-types (>= 1.16)
    rest_client (1.7.3)
      netrc (~> 0.7.7)
    sequel (4.9.0)
    sidekiq (3.0.0)
      celluloid (>= 0.15.2)
      connection_pool (>= 2.0.0)
      json
      redis (>= 3.0.6)
      redis-namespace (>= 1.3.1)
    sinatra (1.4.2)
      rack (~> 1.5, >= 1.5.2)
      rack-protection (~> 1.4)
      tilt (~> 1.3, >= 1.3.4)
    sqlite3 (1.3.9)
    tilt (1.4.1)
    timers (1.1.0)

PLATFORMS
  ruby

DEPENDENCIES
  bcrypt
  json
  minitest
  newrelic_rpm
  pg
  puma
  rack-test
  rake
  rest-client
  rest_client
  sequel
  sidekiq
  sinatra
  sqlite3
